PATH
  remote: .
  specs:
    dryrun (1.1.0)
      bundler
      colorize
      highline
      oga
      rjb

GEM
  remote: https://rubygems.org/
  specs:
    ansi (1.5.0)
    ast (2.4.0)
    byebug (9.1.0)
    coderay (1.1.1)
    colorize (0.8.1)
    diff-lcs (1.3)
    highline (1.7.10)
    method_source (0.8.2)
    oga (2.14)
      ast
      ruby-ll (~> 2.1)
    pry (0.10.4)
      coderay (~> 1.1.0)
      method_source (~> 0.8.1)
      slop (~> 3.4)
    pry-byebug (3.5.0)
      byebug (~> 9.1)
      pry (~> 0.10)
    rake (10.5.0)
    rjb (1.5.5)
    rspec (3.6.0)
      rspec-core (~> 3.6.0)
      rspec-expectations (~> 3.6.0)
      rspec-mocks (~> 3.6.0)
    rspec-core (3.6.0)
      rspec-support (~> 3.6.0)
    rspec-expectations (3.6.0)
      diff-lcs (>= 1.2.0, < 2.0)
      rspec-support (~> 3.6.0)
    rspec-mocks (3.6.0)
      diff-lcs (>= 1.2.0, < 2.0)
      rspec-support (~> 3.6.0)
    rspec-support (3.6.0)
    ruby-ll (2.1.2)
      ansi
      ast
    slop (3.6.0)

PLATFORMS
  ruby

DEPENDENCIES
  dryrun!
  pry-byebug
  rake
  rspec

BUNDLED WITH
   1.16.1
